GEM
  remote: http://rubygems.org/
  specs:
    activesupport (3.0.3)
    coffee-script (2.1.1)
      coffee-script-source
    coffee-script-source (1.0.0)
    haml (3.0.18)
    i18n (0.5.0)
    mail (2.2.15)
      activesupport (>= 2.3.6)
      i18n (>= 0.4.0)
      mime-types (~> 1.16)
      treetop (~> 1.4.8)
    mime-types (1.16)
    polyglot (0.3.1)
    pony (1.1)
      mail (> 2.0)
    rack (1.2.1)
    rack-flash (0.1.1)
      rack
    sass (3.1.2)
    shotgun (0.9)
      rack (>= 1.0)
    simple-navigation (3.1.1)
      activesupport (>= 2.3.2)
    sinatra (1.2.6)
      rack (~> 1.1)
      tilt (>= 1.2.2, < 2.0)
    sinatra-simple-navigation (3.1.0)
      simple-navigation (>= 3.1.0)
    therubyracer-heroku (0.8.1.pre3)
    tilt (1.3.3)
    treetop (1.4.9)
      polyglot (>= 0.3.1)

PLATFORMS
  ruby

DEPENDENCIES
  coffee-script
  haml
  i18n
  pony
  rack-flash
  sass
  shotgun
  sinatra (~> 1.2)
  sinatra-simple-navigation
  therubyracer-heroku (~> 0.8)
